PATH
  remote: .
  specs:
    mdpress (0.0.18)
      httparty (~> 0.13)
      launchy (~> 2.2)
      redcarpet (~> 3.1)
      trollop (~> 2.0)

GEM
  remote: https://rubygems.org/
  specs:
    addressable (2.3.4)
    httparty (0.13.3)
      json (~> 1.8)
      multi_xml (>= 0.5.2)
    json (1.8.2)
    launchy (2.3.0)
      addressable (~> 2.3)
    multi_xml (0.5.3)
    redcarpet (3.2.2)
    trollop (2.0)

PLATFORMS
  ruby

DEPENDENCIES
  mdpress!
